GEM
  remote: https://rubygems.org/
  specs:
    byebug (9.0.6)
    require_all (1.3.3)

PLATFORMS
  ruby

DEPENDENCIES
  byebug
  require_all

BUNDLED WITH
   1.13.1
